GIT
  remote: https://github.com/jruby/warbler.git
  revision: 1624595c4e584adc98a3acb814f6fd5a2d4a2479
  branch: 2.x-dev
  specs:
    warbler (2.0.0.dev)
      jruby-jars (>= 9.0.0.0)
      jruby-rack (>= 1.1.1, < 1.3)
      rake (>= 10.1.0)
      rubyzip (>= 1.0, < 1.2)

GEM
  remote: http://rubygems.org/
  specs:
    awesome_print (1.6.1)
    codeclimate-test-reporter (0.4.8)
      simplecov (>= 0.7.1, < 1.0.0)
    coderay (1.1.0)
    coveralls (0.8.2)
      json (~> 1.8)
      rest-client (>= 1.6.8, < 2)
      simplecov (~> 0.10.0)
      term-ansicolor (~> 1.3)
      thor (~> 0.19.1)
    docile (1.1.5)
    domain_name (0.5.24)
      unf (>= 0.0.5, < 1.0.0)
    ffi (1.9.10-java)
    http-cookie (1.0.2)
      domain_name (~> 0.5)
    inch (0.6.4)
      pry
      sparkr (>= 0.2.0)
      term-ansicolor
      yard (~> 0.8.7.5)
    jruby-jars (9.0.0.0)
    jruby-rack (1.1.19)
    json (1.8.0)
    json (1.8.0-java)
    method_source (0.8.2)
    mime-types (2.6.2)
    minitest (5.8.0)
    netrc (0.10.3)
    pry (0.10.1)
      coderay (~> 1.1.0)
      method_source (~> 0.8.1)
      slop (~> 3.4)
    pry (0.10.1-java)
      coderay (~> 1.1.0)
      method_source (~> 0.8.1)
      slop (~> 3.4)
      spoon (~> 0.0)
    rake (10.4.2)
    rest-client (1.8.0)
      http-cookie (>= 1.0.2, < 2.0)
      mime-types (>= 1.16, < 3.0)
      netrc (~> 0.7)
    rubyzip (1.1.7)
    simplecov (0.10.0)
      docile (~> 1.1.0)
      json (~> 1.8)
      simplecov-html (~> 0.10.0)
    simplecov-html (0.10.0)
    slop (3.6.0)
    sparkr (0.4.1)
    spoon (0.0.4)
      ffi
    term-ansicolor (1.3.2)
      tins (~> 1.0)
    thor (0.19.1)
    tins (1.6.0)
    unf (0.1.4-java)
    yard (0.8.7.6)

PLATFORMS
  java
  ruby

DEPENDENCIES
  awesome_print
  codeclimate-test-reporter
  coveralls
  inch
  minitest
  pry
  simplecov
  warbler!

BUNDLED WITH
   1.10.6
