GIT
  remote: https://github.com/jruby/warbler.git
  revision: 1624595c4e584adc98a3acb814f6fd5a2d4a2479
  branch: 2.x-dev
  specs:
    warbler (2.0.0.dev)
      jruby-jars (>= 9.0.0.0)
      jruby-rack (>= 1.1.1, < 1.3)
      rake (>= 10.1.0)
      rubyzip (>= 1.0, < 1.2)

GEM
  remote: http://rubygems.org/
  specs:
    awesome_print (1.6.1)
    coderay (1.1.0)
    ffi (1.9.10-java)
    jruby-jars (9.0.0.0)
    jruby-rack (1.1.19)
    method_source (0.8.2)
    minitest (5.8.0)
    pry (0.10.1)
      coderay (~> 1.1.0)
      method_source (~> 0.8.1)
      slop (~> 3.4)
    pry (0.10.1-java)
      coderay (~> 1.1.0)
      method_source (~> 0.8.1)
      slop (~> 3.4)
      spoon (~> 0.0)
    rake (10.4.2)
    rubyzip (1.1.7)
    slop (3.6.0)
    spoon (0.0.4)
      ffi

PLATFORMS
  java
  ruby

DEPENDENCIES
  awesome_print
  minitest
  pry
  warbler!

BUNDLED WITH
   1.10.6
